GEM
  remote: https://rubygems.org/
  specs:
    amq-protocol (2.3.0)
    amqp (1.8.0)
      amq-protocol (>= 2.2.0)
      eventmachine
    bunny (2.9.1)
      amq-protocol (~> 2.3.0)
    eventmachine (1.2.5)
    kgio (2.11.2)
    raindrops (0.19.0)
    unicorn (5.4.0)
      kgio (~> 2.6)
      raindrops (~> 0.7)

PLATFORMS
  ruby

DEPENDENCIES
  amqp
  bunny
  unicorn

BUNDLED WITH
   1.14.6
